GEM
  remote: https://rubygems.org/
  specs:
    byebug (9.1.0)
    concurrent-ruby (1.1.6)
    faker (2.10.2)
      i18n (>= 1.6, < 2)
    i18n (1.8.2)
      concurrent-ruby (~> 1.0)

PLATFORMS
  ruby

DEPENDENCIES
  byebug
  faker

BUNDLED WITH
   1.17.2
